PATH
  remote: .
  specs:
    cwlog_tail (0.0.2)
      aws-sdk (~> 2.8)
      peco_selector (~> 1.0)

GEM
  remote: https://rubygems.org/
  specs:
    aws-sdk (2.8.4)
      aws-sdk-resources (= 2.8.4)
    aws-sdk-core (2.8.4)
      aws-sigv4 (~> 1.0)
      jmespath (~> 1.0)
    aws-sdk-resources (2.8.4)
      aws-sdk-core (= 2.8.4)
    aws-sigv4 (1.0.0)
    coderay (1.1.1)
    diff-lcs (1.3)
    jmespath (1.3.1)
    method_source (0.8.2)
    peco_selector (1.0.0)
    pry (0.10.4)
      coderay (~> 1.1.0)
      method_source (~> 0.8.1)
      slop (~> 3.4)
    rake (13.0.6)
    rspec (3.5.0)
      rspec-core (~> 3.5.0)
      rspec-expectations (~> 3.5.0)
      rspec-mocks (~> 3.5.0)
    rspec-core (3.5.4)
      rspec-support (~> 3.5.0)
    rspec-expectations (3.5.0)
      diff-lcs (>= 1.2.0, < 2.0)
      rspec-support (~> 3.5.0)
    rspec-mocks (3.5.0)
      diff-lcs (>= 1.2.0, < 2.0)
      rspec-support (~> 3.5.0)
    rspec-support (3.5.0)
    slop (3.6.0)

PLATFORMS
  ruby

DEPENDENCIES
  bundler (>= 2.2.33)
  cwlog_tail!
  pry
  rake (>= 12.3.3)
  rspec (~> 3.0)

BUNDLED WITH
   2.2.33
